PATH
  remote: ../sdks-root/stripe-ruby
  specs:
    stripe (5.43.0)

GEM
  specs:

PLATFORMS
  ruby

DEPENDENCIES
  stripe!

BUNDLED WITH
   2.1.4
